GEM
  remote: https://rubygems.org/
  specs:
    coderay (1.1.1)
    colorator (1.1.0)
    ffi (1.15.1)
    ffi (1.15.1-x64-mingw32)
    forwardable-extended (2.6.0)
    jekyll (4.2.0)
      colorator (~> 1.0)
      jekyll-sass-converter (~> 2.0)
      jekyll-watch (~> 2.0)
      kramdown (~> 2.3)
      liquid (~> 4.0)
      mercenary (~> 0.4.0)
      pathutil (~> 0.9)
      rouge (~> 3.0)
      safe_yaml (~> 1.0)
    jekyll-minibundle (2.1.0)
    jekyll-sass-converter (2.1.0)
      sassc (> 2.0.1, < 3.0)
    jekyll-watch (2.2.1)
      listen (~> 3.0)
    kramdown (2.3.1)
    liquid (4.0.3)
    listen (3.5.1)
      rb-fsevent (~> 0.10, >= 0.10.3)
      rb-inotify (~> 0.9, >= 0.9.10)
    mercenary (0.4.0)
    pathutil (0.16.2)
      forwardable-extended (~> 2.6)
    rake (12.3.3)
    rb-fsevent (0.11.0)
    rb-inotify (0.10.1)
      ffi (~> 1.0)
    rouge (3.26.0)
    safe_yaml (1.0.5)
    sassc (2.4.0)
      ffi (~> 1.9)

PLATFORMS
  ruby
  x64-mingw32

DEPENDENCIES
  coderay
  jekyll
  jekyll-minibundle
  rake

BUNDLED WITH
   2.2.20
